GEM
  remote: http://rubygems.org/
  specs:
    adsf (1.1.1)
      rack (>= 1.0.0)
    blankslate (3.1.2)
    builder (3.2.0)
    capistrano (2.14.2)
      highline
      net-scp (>= 1.0.0)
      net-sftp (>= 2.0.0)
      net-ssh (>= 2.0.14)
      net-ssh-gateway (>= 1.1.0)
    coderay (1.0.9)
    colored (1.2)
    cri (2.3.0)
      colored (>= 1.2)
    ffi (1.0.11)
    fssm (0.2.10)
    highline (1.6.16)
    kramdown (0.13.8)
    mime-types (1.21)
    nanoc (3.3.7)
      cri (~> 2.2)
    net-scp (1.1.0)
      net-ssh (>= 2.6.5)
    net-sftp (2.1.1)
      net-ssh (>= 2.6.5)
    net-ssh (2.6.6)
    net-ssh-gateway (1.2.0)
      net-ssh (>= 2.6.5)
    nokogiri (1.5.6)
    pygments.rb (0.2.13)
      rubypython (~> 0.5.3)
    rack (1.5.2)
    rake (0.9.6)
    rubypython (0.5.3)
      blankslate (>= 2.1.2.3)
      ffi (~> 1.0.7)
    rvm-capistrano (1.2.7)
      capistrano (>= 2.0.0)
    yajl-ruby (0.8.3)

PLATFORMS
  ruby

DEPENDENCIES
  adsf
  builder
  capistrano
  coderay
  fssm
  kramdown (~> 0.13.2)
  mime-types (~> 1.16)
  nanoc (~> 3.3.7)
  nokogiri (~> 1.5.6)
  pygments.rb
  rake (~> 0.9.2)
  rvm-capistrano
  yajl-ruby (~> 0.8.2)
